GEM
  remote: https://rubygems.org/
  specs:
    chunky_png (1.3.0)
    coderay (1.1.0)
    compass (0.12.5)
      chunky_png (~> 1.2)
      fssm (>= 0.2.7)
      sass (~> 3.2.19)
    fssm (0.2.10)
    method_source (0.8.2)
    mina (0.3.0)
      open4
      rake
    open4 (1.3.3)
    pry (0.9.12.6)
      coderay (~> 1.0)
      method_source (~> 0.8)
      slop (~> 3.4)
    pry-nav (0.2.3)
      pry (~> 0.9.10)
    rake (10.2.2)
    sass (3.2.19)
    slop (3.5.0)

PLATFORMS
  ruby

DEPENDENCIES
  compass (~> 0.12)
  mina (~> 0.3)
  pry (~> 0.9)
  pry-nav (~> 0.2)
