GEM
  remote: https://rubygems.org/
  specs:
    chunky_png (1.3.0)
    compass (0.12.5)
      chunky_png (~> 1.2)
      fssm (>= 0.2.7)
      sass (~> 3.2.19)
    fssm (0.2.10)
    mina (0.3.0)
      open4
      rake
    open4 (1.3.3)
    rake (10.2.2)
    sass (3.2.19)

PLATFORMS
  ruby

DEPENDENCIES
  compass (~> 0.12)
  mina (~> 0.3)
